GIT
  remote: https://github.com/Airtable/airtable-ruby.git
  revision: 041a8baf8ae59279630912d6ff329faa64398cb2
  specs:
    airtable (0.1.1)
      activesupport (>= 3.0)
      httparty (~> 0.14.0)

GEM
  remote: http://rubygems.org/
  specs:
    activesupport (5.2.2)
      concurrent-ruby (~> 1.0, >= 1.0.2)
      i18n (>= 0.7, < 2)
      minitest (~> 5.1)
      tzinfo (~> 1.1)
    base64 (0.2.0)
    bigdecimal (3.1.8)
    concurrent-ruby (1.1.4)
    httparty (0.14.0)
      multi_xml (>= 0.5.2)
    i18n (1.5.1)
      concurrent-ruby (~> 1.0)
    json (2.1.0)
    logger (1.6.1)
    minitest (5.11.3)
    multi_xml (0.7.1)
      bigdecimal (~> 3.1)
    mustermann (3.0.3)
      ruby2_keywords (~> 0.0.1)
    rack (3.1.8)
    rack-protection (4.1.0)
      base64 (>= 0.1.0)
      logger (>= 1.6.0)
      rack (>= 3.0.0, < 4)
    rack-session (2.0.0)
      rack (>= 3.0.0)
    ruby2_keywords (0.0.5)
    sinatra (4.1.0)
      logger (>= 1.6.0)
      mustermann (~> 3.0)
      rack (>= 3.0.0, < 4)
      rack-protection (= 4.1.0)
      rack-session (>= 2.0.0, < 3)
      tilt (~> 2.0)
    thread_safe (0.3.6)
    tilt (2.4.0)
    tzinfo (1.2.5)
      thread_safe (~> 0.1)

PLATFORMS
  ruby

DEPENDENCIES
  activesupport
  airtable!
  json
  sinatra

BUNDLED WITH
   2.0.1
